GEM
  remote: https://rubygems.org/
  specs:
    diff-lcs (1.6.2)
    drb (2.2.3)
    json (2.12.2)
    logger (1.7.0)
    rspec (3.13.1)
      rspec-core (~> 3.13.0)
      rspec-expectations (~> 3.13.0)
      rspec-mocks (~> 3.13.0)
    rspec-core (3.13.4)
      rspec-support (~> 3.13.0)
    rspec-expectations (3.13.5)
      diff-lcs (>= 1.2.0, < 2.0)
      rspec-support (~> 3.13.0)
    rspec-mocks (3.13.5)
      diff-lcs (>= 1.2.0, < 2.0)
      rspec-support (~> 3.13.0)
    rspec-support (3.13.4)

PLATFORMS
  arm64-darwin-24
  ruby

DEPENDENCIES
  drb
  json
  logger
  rspec (~> 3.0)

BUNDLED WITH
   2.5.22
